GEM
  remote: https://rubygems.org/
  specs:
    bosh-template (1.3262.24.0)
      semi_semantic (~> 1.2.0)
    diff-lcs (1.2.5)
    rake (11.3.0)
    rspec (3.5.0)
      rspec-core (~> 3.5.0)
      rspec-expectations (~> 3.5.0)
      rspec-mocks (~> 3.5.0)
    rspec-core (3.5.4)
      rspec-support (~> 3.5.0)
    rspec-expectations (3.5.0)
      diff-lcs (>= 1.2.0, < 2.0)
      rspec-support (~> 3.5.0)
    rspec-mocks (3.5.0)
      diff-lcs (>= 1.2.0, < 2.0)
      rspec-support (~> 3.5.0)
    rspec-support (3.5.0)
    semi_semantic (1.2.0)

PLATFORMS
  ruby

DEPENDENCIES
  bosh-template
  rake
  rspec

RUBY VERSION
   ruby 2.3.1p112

BUNDLED WITH
   1.15.4
